GIT
  remote: https://github.com/creditera/moirai.git
  revision: 38061b0f20c0b58969ad1c3124dbfd11ee6cc38c
  branch: v0.2.0
  specs:
    moirai (0.2.0)
      nsq-ruby
      rack
      request_store

GEM
  remote: https://rubygems.org/
  specs:
    amq-protocol (2.2.0)
    bunny (2.7.0)
      amq-protocol (>= 2.2.0)
    coderay (1.1.1)
    dotenv (2.1.0)
    json (2.1.0)
    method_source (0.8.2)
    nsq-ruby (2.1.0)
    pg (0.21.0)
    pry (0.10.4)
      coderay (~> 1.1.0)
      method_source (~> 0.8.1)
      slop (~> 3.4)
    puma (3.9.1)
    rack (2.0.3)
    request_store (1.3.2)
    roda (2.27.0)
      rack
    sequel (4.47.0)
    slop (3.6.0)

PLATFORMS
  ruby

DEPENDENCIES
  bunny
  dotenv
  json
  moirai!
  pg
  pry
  puma
  rack
  roda
  sequel

BUNDLED WITH
   1.14.6
